GEM
  remote: http://rubygems.org/
  specs:
    activesupport (3.0.15)
    columnize (0.3.6)
    cramp (0.15.1)
      activesupport (~> 3.0.9)
      eventmachine (~> 1.0.0.beta.3)
      rack (~> 1.3.2)
      thor (~> 0.14.6)
    eventmachine (1.0.0.rc.4)
    ffi (1.0.11)
    ffi-libfreenect (0.1.1)
      ffi (>= 0.5.0)
    linecache (0.46)
      rbx-require-relative (> 0.0.4)
    rack (1.3.6)
    rbx-require-relative (0.0.9)
    ruby-debug (0.10.4)
      columnize (>= 0.1)
      ruby-debug-base (~> 0.10.4.0)
    ruby-debug-base (0.10.4)
      linecache (>= 0.3)
    thor (0.14.6)

PLATFORMS
  ruby

DEPENDENCIES
  cramp
  ffi-libfreenect
  ruby-debug
